PATH
  remote: .
  specs:
    RedAlert (1.1.1)
      ruby_motion_query (>= 1.3.4)

GEM
  remote: https://rubygems.org/
  specs:
    rake (10.4.2)
    ruby_motion_query (1.5.0)

PLATFORMS
  ruby

DEPENDENCIES
  RedAlert!
  rake
